GIT
  remote: git://github.com/yuya-takeyama/markovchain.git
  revision: 1ee196dfe7c1cd525948c081f4ce2b1c9ca3d52e
  specs:
    markovchain (0.0.1)

GEM
  remote: http://rubygems.org/
  specs:
    activesupport (3.2.3)
      i18n (~> 0.6)
      multi_json (~> 1.0)
    diff-lcs (1.1.3)
    eventmachine (0.12.10)
    faraday (0.8.0)
      multipart-post (~> 1.1)
    ffi (1.0.11)
    git (1.2.5)
    guard (1.0.2)
      ffi (>= 0.5.0)
      thor (~> 0.14.6)
    guard-rspec (0.7.0)
      guard (>= 0.10.0)
    http_parser.rb (0.5.3)
    i18n (0.6.0)
    jeweler (1.8.3)
      bundler (~> 1.0)
      git (>= 1.2.5)
      rake
      rdoc
    json (1.7.0)
    multi_json (1.3.4)
    multipart-post (1.1.5)
    rake (0.9.2.2)
    rdoc (3.12)
      json (~> 1.4)
    rspec (2.8.0)
      rspec-core (~> 2.8.0)
      rspec-expectations (~> 2.8.0)
      rspec-mocks (~> 2.8.0)
    rspec-core (2.8.0)
    rspec-expectations (2.8.0)
      diff-lcs (~> 1.1.2)
    rspec-mocks (2.8.0)
    simple_oauth (0.1.7)
    simplecov (0.6.2)
      multi_json (~> 1.3)
      simplecov-html (~> 0.5.3)
    simplecov-html (0.5.3)
    thor (0.14.6)
    twitter (2.2.6)
      activesupport (>= 2.3.9, < 4)
      faraday (~> 0.8)
      multi_json (~> 1.3)
      simple_oauth (~> 0.1.6)
    twitter-stream (0.1.15)
      eventmachine (>= 0.12.8)
      http_parser.rb (~> 0.5.1)
      simple_oauth (~> 0.1.4)
    yard (0.8.1)

PLATFORMS
  ruby

DEPENDENCIES
  bundler (~> 1.1.0)
  guard-rspec
  jeweler (~> 1.8.3)
  markovchain!
  multi_json
  rdoc (~> 3.12)
  rspec (~> 2.8.0)
  simplecov
  twitter
  twitter-stream
  yard (~> 0.7)
